PATH
  remote: .
  specs:
    tfmodtest (0.0.1.rc1)
      TerraformDevKit (~> 0.2)

GEM
  remote: https://rubygems.org/
  specs:
    TerraformDevKit (0.2.3)
      aws-sdk (~> 2.9)
      mustache (~> 1.0)
      rainbow (~> 3.0)
      rubyzip (~> 1.2)
    aws-sdk (2.10.89)
      aws-sdk-resources (= 2.10.89)
    aws-sdk-core (2.10.89)
      aws-sigv4 (~> 1.0)
      jmespath (~> 1.0)
    aws-sdk-resources (2.10.89)
      aws-sdk-core (= 2.10.89)
    aws-sigv4 (1.0.2)
    jmespath (1.3.1)
    mustache (1.0.5)
    rainbow (3.0.0)
    rake (10.5.0)
    rubyzip (1.2.1)

PLATFORMS
  x86-mingw32

DEPENDENCIES
  bundler (~> 1.14)
  rake (~> 10.0)
  tfmodtest!

BUNDLED WITH
   1.16.0
